GIT
  remote: git://github.com/rails/coffee-rails.git
  revision: 92b159a632b5c09dee73ba5d62591efd387ecc1b
  specs:
    coffee-rails (3.2.0.beta)
      coffee-script (>= 2.2.0)
      railties (~> 3.2.0.beta)

GIT
  remote: git://github.com/rails/rails.git
  revision: bb4f687bc670932f93a7befe07bfb2859a61411a
  specs:
    actionmailer (3.2.0.beta)
      actionpack (= 3.2.0.beta)
      mail (~> 2.3.0)
    actionpack (3.2.0.beta)
      activemodel (= 3.2.0.beta)
      activesupport (= 3.2.0.beta)
      builder (~> 3.0.0)
      erubis (~> 2.7.0)
      i18n (~> 0.6)
      rack (~> 1.3.2)
      rack-cache (~> 1.0.2)
      rack-mount (~> 0.8.1)
      rack-test (~> 0.6.0)
      sprockets (~> 2.0.0.beta.12)
    activemodel (3.2.0.beta)
      activesupport (= 3.2.0.beta)
      bcrypt-ruby (~> 2.1.4)
      builder (~> 3.0.0)
      i18n (~> 0.6)
    activerecord (3.2.0.beta)
      activemodel (= 3.2.0.beta)
      activesupport (= 3.2.0.beta)
      arel (~> 2.2.0)
      tzinfo (~> 0.3.29)
    activeresource (3.2.0.beta)
      activemodel (= 3.2.0.beta)
      activesupport (= 3.2.0.beta)
    activesupport (3.2.0.beta)
      i18n (~> 0.6)
      multi_json (~> 1.0)
    rails (3.2.0.beta)
      actionmailer (= 3.2.0.beta)
      actionpack (= 3.2.0.beta)
      activerecord (= 3.2.0.beta)
      activeresource (= 3.2.0.beta)
      activesupport (= 3.2.0.beta)
      bundler (~> 1.0)
      railties (= 3.2.0.beta)
    railties (3.2.0.beta)
      actionpack (= 3.2.0.beta)
      activesupport (= 3.2.0.beta)
      rack-ssl (~> 1.3.2)
      rake (>= 0.8.7)
      rdoc (~> 3.4)
      thor (~> 0.14.6)

GIT
  remote: git://github.com/rails/sass-rails.git
  revision: 1af944df1acfbf353af0ac23f966365b0aa68c4e
  specs:
    sass-rails (3.1.1.alpha.0)
      actionpack (~> 3.2.0.beta)
      railties (~> 3.2.0.beta)
      sass (>= 3.1.4)
      sprockets (>= 2.0.0.beta.9)

GEM
  remote: http://rubygems.org/
  specs:
    arel (2.2.0)
    bcrypt-ruby (2.1.4)
    builder (3.0.0)
    closure-compiler (1.1.1)
    coffee-script (2.2.0)
      coffee-script-source
      execjs
    coffee-script-source (1.1.2)
    erubis (2.7.0)
    execjs (1.2.4)
      multi_json (~> 1.0)
    hike (1.2.0)
    i18n (0.6.0)
    jquery-rails (1.0.12)
      railties (~> 3.0)
      thor (~> 0.14)
    json (1.5.3)
    kgio (2.6.0)
    mail (2.3.0)
      i18n (>= 0.4.0)
      mime-types (~> 1.16)
      treetop (~> 1.4.8)
    mime-types (1.16)
    multi_json (1.0.3)
    polyglot (0.3.2)
    rack (1.3.2)
    rack-cache (1.0.2)
      rack (>= 0.4)
    rack-mount (0.8.2)
      rack (>= 1.0.0)
    rack-ssl (1.3.2)
      rack
    rack-test (0.6.1)
      rack (>= 1.0)
    raindrops (0.7.0)
    rake (0.9.2)
    rdoc (3.9.1)
    sass (3.1.7)
    sprockets (2.0.0.beta.13)
      hike (~> 1.2)
      rack (~> 1.0)
      tilt (!= 1.3.0, ~> 1.1)
    sqlite3 (1.3.4)
    thor (0.14.6)
    tilt (1.3.2)
    treetop (1.4.10)
      polyglot
      polyglot (>= 0.3.1)
    tzinfo (0.3.29)
    unicorn (4.0.1)
      kgio (~> 2.4)
      rack
      raindrops (~> 0.6)

PLATFORMS
  ruby

DEPENDENCIES
  closure-compiler
  coffee-rails!
  jquery-rails
  json
  rails!
  sass-rails!
  sqlite3
  unicorn
